GEM
  remote: http://rubygems.org/
  remote: http://rubygems.org/
  specs:
    activemodel (3.2.8)
      activesupport (= 3.2.8)
      builder (~> 3.0.0)
    activesupport (3.2.8)
      i18n (~> 0.6)
      multi_json (~> 1.0)
    addressable (2.2.8)
    backports (2.6.4)
    bcrypt-ruby (3.0.1)
    bson (1.7.0)
    bson_ext (1.7.0)
      bson (~> 1.7.0)
    builder (3.0.3)
    coderay (1.0.7)
    crack (0.1.6)
    curb (0.8.1)
    daemons (1.1.9)
    dalli (2.5.0)
    data_mapper (1.2.0)
      dm-aggregates (~> 1.2.0)
      dm-constraints (~> 1.2.0)
      dm-core (~> 1.2.0)
      dm-migrations (~> 1.2.0)
      dm-serializer (~> 1.2.0)
      dm-timestamps (~> 1.2.0)
      dm-transactions (~> 1.2.0)
      dm-types (~> 1.2.0)
      dm-validations (~> 1.2.0)
    diff-lcs (1.1.3)
    dm-aggregates (1.2.0)
      dm-core (~> 1.2.0)
    dm-constraints (1.2.0)
      dm-core (~> 1.2.0)
    dm-core (1.2.0)
      addressable (~> 2.2.6)
    dm-migrations (1.2.0)
      dm-core (~> 1.2.0)
    dm-serializer (1.2.2)
      dm-core (~> 1.2.0)
      fastercsv (~> 1.5)
      json (~> 1.6)
      json_pure (~> 1.6)
      multi_json (~> 1.0)
    dm-timestamps (1.2.0)
      dm-core (~> 1.2.0)
    dm-transactions (1.2.0)
      dm-core (~> 1.2.0)
    dm-types (1.2.2)
      bcrypt-ruby (~> 3.0)
      dm-core (~> 1.2.0)
      fastercsv (~> 1.5)
      json (~> 1.6)
      multi_json (~> 1.0)
      stringex (~> 1.4)
      uuidtools (~> 2.1)
    dm-validations (1.2.0)
      dm-core (~> 1.2.0)
    em-proxy (0.1.8)
      eventmachine
    eventmachine (1.0.0)
    execjs (1.4.0)
      multi_json (~> 1.0)
    fastercsv (1.5.5)
    ffi (1.4.0)
    gcal4ruby (0.5.5)
      gdata4ruby (>= 0.1.5)
    gdata4ruby (0.1.5)
    haml (3.1.7)
    hashie (0.4.0)
    heroku-forward (0.3.1)
      em-proxy (>= 0.1.8)
      ffi
      i18n (~> 0.6)
      spoon (~> 0.0.1)
    httparty (0.5.2)
      crack (= 0.1.6)
    i18n (0.6.1)
    joint (0.6.2)
      mime-types
      mongo_mapper (~> 0.9)
      wand (~> 0.4)
    jsmin (1.0.1)
    json (1.7.5)
    json_pure (1.7.5)
    method_source (0.8)
    mime-types (1.19)
    mongo (1.7.0)
      bson (~> 1.7.0)
    mongo_mapper (0.12.0)
      activemodel (~> 3.0)
      activesupport (~> 3.0)
      plucky (~> 0.5.2)
    multi_json (1.3.6)
    newrelic_rpm (3.4.2.1)
    plucky (0.5.2)
      mongo (~> 1.5)
    pry (0.9.10)
      coderay (~> 1.0.5)
      method_source (~> 0.8)
      slop (~> 3.3.1)
    pry-nav (0.2.2)
      pry (~> 0.9.10)
    rack (1.4.1)
    rack-gridfs (0.4.1)
      mime-types
      mongo (~> 1.2)
      rack
    rack-mobile-detect (0.4.0)
      rack
    rack-protection (1.2.0)
      rack
    rack-test (0.6.2)
      rack (>= 1.0)
    rspec (2.11.0)
      rspec-core (~> 2.11.0)
      rspec-expectations (~> 2.11.0)
      rspec-mocks (~> 2.11.0)
    rspec-core (2.11.1)
    rspec-expectations (2.11.3)
      diff-lcs (~> 1.1.3)
    rspec-mocks (2.11.2)
    rufus-scheduler (2.0.17)
      tzinfo (>= 0.3.23)
    safe_shell (1.0.2)
    sinatra (1.3.3)
      rack (~> 1.3, >= 1.3.6)
      rack-protection (~> 1.2)
      tilt (~> 1.3, >= 1.3.3)
    sinatra-assetpack (0.1.7)
      jsmin
      rack-test
      sinatra
      tilt (>= 1.3.0)
    sinatra-contrib (1.3.1)
      backports (>= 2.0)
      eventmachine
      rack-protection
      rack-test
      sinatra (~> 1.3.0)
      tilt (~> 1.3)
    sinatra-rabbit (1.1.0)
      sinatra (>= 1.3.0)
    slop (3.3.3)
    spoon (0.0.1)
    stringex (1.4.0)
    therubyracer-heroku (0.8.1.pre3)
    thin (1.4.1)
      daemons (>= 1.0.9)
      eventmachine (>= 0.12.6)
      rack (>= 1.0.0)
    tilt (1.3.3)
    tzinfo (0.3.33)
    uglifier (1.3.0)
      execjs (>= 0.3.0)
      multi_json (~> 1.0, >= 1.0.2)
    url_shortener (0.0.7)
      hashie (~> 0.4.0)
      httparty (~> 0.5.0)
    uuidtools (2.1.3)
    wand (0.4)
      mime-types
      safe_shell (~> 1.0.0)

PLATFORMS
  ruby

DEPENDENCIES
  bson_ext
  curb
  dalli
  data_mapper
  gcal4ruby
  haml
  heroku-forward
  httparty
  joint
  json
  mongo
  mongo_mapper
  newrelic_rpm
  pry
  pry-nav
  rack-gridfs
  rack-mobile-detect
  rack-test
  rspec
  rufus-scheduler
  sinatra
  sinatra-assetpack
  sinatra-contrib
  sinatra-rabbit
  therubyracer-heroku (= 0.8.1.pre3)
  thin
  uglifier
  url_shortener
